GEM
  remote: https://rubygems.org/
  specs:
    addressable (2.3.8)
    cinch (2.2.6)
    httparty (0.13.5)
      json (~> 1.8)
      multi_xml (>= 0.5.2)
    json (1.8.3)
    multi_xml (0.5.5)
    ruby-units (1.4.5)
    wunderground (1.2.0)
      addressable
      httparty (> 0.6.0)
      json (> 1.4.0)
    xml-simple (1.1.5)

PLATFORMS
  ruby

DEPENDENCIES
  cinch
  ruby-units
  wunderground
  xml-simple

BUNDLED WITH
   1.11.2
