GEM
  remote: https://rubygems.org/
  specs:
    addressable (2.4.0)
    cinch (2.3.2)
    cinch-dice (0.0.3)
      cinch (~> 2.0)
    cinch-downforeveryone (1.0.3)
      cinch (~> 2.0)
      mechanize
    cinch-urbandictionary (0.10.1)
      cinch (~> 2.0)
    domain_name (0.5.20160615)
      unf (>= 0.0.5, < 1.0.0)
    http-cookie (1.0.2)
      domain_name (~> 0.5)
    httparty (0.14.0)
      multi_xml (>= 0.5.2)
    json (2.0.2)
    mechanize (2.7.4)
      domain_name (~> 0.5, >= 0.5.1)
      http-cookie (~> 1.0)
      mime-types (>= 1.17.2, < 3)
      net-http-digest_auth (~> 1.1, >= 1.1.1)
      net-http-persistent (~> 2.5, >= 2.5.2)
      nokogiri (~> 1.6)
      ntlm-http (~> 0.1, >= 0.1.1)
      webrobots (>= 0.0.9, < 0.2)
    mime-types (2.99.2)
    mini_portile2 (2.1.0)
    multi_xml (0.5.5)
    net-http-digest_auth (1.4)
    net-http-persistent (2.9.4)
    nokogiri (1.6.8)
      mini_portile2 (~> 2.1.0)
      pkg-config (~> 1.1.7)
    ntlm-http (0.1.1)
    pkg-config (1.1.7)
    ruby-units (2.0.1)
    unf (0.1.4)
      unf_ext
    unf_ext (0.0.7.2)
    webrobots (0.1.2)
    wunderground (1.2.0)
      addressable
      httparty (> 0.6.0)
      json (> 1.4.0)
    xml-simple (1.1.5)

PLATFORMS
  ruby

DEPENDENCIES
  cinch
  cinch-dice
  cinch-downforeveryone
  cinch-urbandictionary
  ruby-units
  wunderground
  xml-simple

BUNDLED WITH
   1.12.5
